GEM
  remote: http://rubygems.org/
  specs:
    haml (3.0.24)

PLATFORMS
  ruby

DEPENDENCIES
  haml
