GEM
  remote: http://rubygems.org/
  specs:
    diff-lcs (1.1.2)
    mocha (0.9.11)
      rake
    rake (0.8.7)
    rspec (2.2.0)
      rspec-core (~> 2.2)
      rspec-expectations (~> 2.2)
      rspec-mocks (~> 2.2)
    rspec-core (2.2.1)
    rspec-expectations (2.2.0)
      diff-lcs (~> 1.1.2)
    rspec-mocks (2.2.0)
    sass (3.1.0.alpha.221)

PLATFORMS
  ruby

DEPENDENCIES
  mocha
  rspec
  sass (>= 3.1.0.alpha.221)
